GIT
  remote: https://github.com/hammernight/taza.git
  revision: e7ac88da5993992cc3d2f107ddf47623b9401af0
  specs:
    taza (1.0)
      Selenium (~> 1.1.14)
      activesupport (>= 3.1.0)
      firewatir (~> 1.9.4)
      mocha (>= 0.9.3)
      rake (>= 0.9.2)
      rspec (~> 3.0)
      thor (>= 0.18.1)
      user-choices (~> 1.1.6.1)
      watir (~> 5.0.0)
      watir-webdriver (~> 0.4)

GEM
  remote: https://rubygems.org/
  specs:
    Selenium (1.1.14)
    activesupport (5.0.0.1)
      concurrent-ruby (~> 1.0, >= 1.0.2)
      i18n (~> 0.7)
      minitest (~> 5.1)
      tzinfo (~> 1.1)
    builder (3.2.2)
    childprocess (0.5.9)
      ffi (~> 1.0, >= 1.0.11)
    commonwatir (4.0.0)
    concurrent-ruby (1.0.2)
    cucumber (2.4.0)
      builder (>= 2.1.2)
      cucumber-core (~> 1.5.0)
      cucumber-wire (~> 0.0.1)
      diff-lcs (>= 1.1.3)
      gherkin (~> 4.0)
      multi_json (>= 1.7.5, < 2.0)
      multi_test (>= 0.1.2)
    cucumber-core (1.5.0)
      gherkin (~> 4.0)
    cucumber-wire (0.0.1)
    diff-lcs (1.2.5)
    ffi (1.9.14)
    firewatir (1.9.4)
      commonwatir (>= 1.9.2)
    gherkin (4.0.0)
    hoe (3.15.1)
      rake (>= 0.8, < 12.0)
    i18n (0.7.0)
    metaclass (0.0.4)
    minitest (5.9.1)
    mocha (1.1.0)
      metaclass (~> 0.0.1)
    multi_json (1.12.1)
    multi_test (0.1.2)
    rake (11.3.0)
    rspec (3.5.0)
      rspec-core (~> 3.5.0)
      rspec-expectations (~> 3.5.0)
      rspec-mocks (~> 3.5.0)
    rspec-core (3.5.4)
      rspec-support (~> 3.5.0)
    rspec-expectations (3.5.0)
      diff-lcs (>= 1.2.0, < 2.0)
      rspec-support (~> 3.5.0)
    rspec-mocks (3.5.0)
      diff-lcs (>= 1.2.0, < 2.0)
      rspec-support (~> 3.5.0)
    rspec-support (3.5.0)
    rubyzip (1.2.0)
    s4t-utils (1.0.4)
      hoe (>= 1.3.0)
    selenium-webdriver (2.53.4)
      childprocess (~> 0.5)
      rubyzip (~> 1.0)
      websocket (~> 1.0)
    thor (0.19.1)
    thread_safe (0.3.5)
    tzinfo (1.2.2)
      thread_safe (~> 0.1)
    user-choices (1.1.6.1)
      builder (>= 2.1.2)
      s4t-utils (>= 1.0.3)
      xml-simple (>= 1.0.11)
    watir (5.0.0)
      commonwatir (~> 4)
      watir-webdriver
    watir-webdriver (0.9.3)
      selenium-webdriver (>= 2.46.2)
    websocket (1.2.3)
    xml-simple (1.1.5)

PLATFORMS
  ruby

DEPENDENCIES
  cucumber
  taza!
  watir-webdriver

BUNDLED WITH
   1.12.5
